GEM
  remote: https://rubygems.org/
  specs:
    puppet-lint (0.3.2)
    rake (10.0.4)

PLATFORMS
  ruby

DEPENDENCIES
  puppet-lint
  rake
